GEM
  remote: https://rubygems.org/
  specs:
    ptools (1.3.3)
    thor (0.19.1)

PLATFORMS
  ruby

DEPENDENCIES
  ptools
  thor
  win32-file

BUNDLED WITH
   1.10.6
